GIT
  remote: https://github.com/justinweiss/reactive_resource.git
  revision: 959e45d266c9415c92e80e4efa17a014cf197d8b
  specs:
    reactive_resource (0.0.1)
      activeresource (~> 2.3.10)

PATH
  remote: .
  specs:
    avvo_api (0.0.1)

GEM
  remote: http://rubygems.org/
  specs:
    activeresource (2.3.10)
      activesupport (= 2.3.10)
    activesupport (2.3.10)
    addressable (2.2.2)
    crack (0.1.8)
    rake (0.8.7)
    shoulda (2.11.3)
    webmock (1.6.2)
      addressable (>= 2.2.2)
      crack (>= 0.1.7)

PLATFORMS
  ruby

DEPENDENCIES
  avvo_api!
  rake
  reactive_resource!
  shoulda (~> 2.11.3)
  webmock (~> 1.6.1)
