PATH
  remote: .
  specs:
    avvo_api (0.2.0)
      activeresource (>= 3.0.0)
      reactive_resource (~> 0.7)

GEM
  remote: http://rubygems.org/
  specs:
    activemodel (7.0.3)
      activesupport (= 7.0.3)
    activemodel-serializers-xml (1.0.2)
      activemodel (> 5.x)
      activesupport (> 5.x)
      builder (~> 3.1)
    activeresource (6.0.0)
      activemodel (>= 6.0)
      activemodel-serializers-xml (~> 1.0)
      activesupport (>= 6.0)
    activesupport (7.0.3)
      concurrent-ruby (~> 1.0, >= 1.0.2)
      i18n (>= 1.6, < 2)
      minitest (>= 5.1)
      tzinfo (~> 2.0)
    addressable (2.2.2)
    builder (3.2.4)
    concurrent-ruby (1.1.10)
    crack (0.1.8)
    i18n (1.10.0)
      concurrent-ruby (~> 1.0)
    minitest (5.16.0)
    rake (0.8.7)
    reactive_resource (0.7.1)
      activeresource (>= 3.1)
      activesupport (>= 3.1)
    shoulda (2.11.3)
    tzinfo (2.0.4)
      concurrent-ruby (~> 1.0)
    webmock (1.6.2)
      addressable (>= 2.2.2)
      crack (>= 0.1.7)

PLATFORMS
  ruby

DEPENDENCIES
  avvo_api!
  rake
  shoulda (~> 2.11.3)
  webmock (~> 1.6.1)
