PATH
  remote: .
  specs:
    avvo_api (0.0.1)
      activeresource (~> 2.3.10)

GEM
  remote: http://rubygems.org/
  specs:
    activeresource (2.3.10)
      activesupport (= 2.3.10)
    activesupport (2.3.10)
    addressable (2.2.2)
    crack (0.1.8)
    shoulda (2.11.3)
    vcr (1.4.0)
    webmock (1.6.1)
      addressable (>= 2.2.2)
      crack (>= 0.1.7)

PLATFORMS
  ruby

DEPENDENCIES
  activeresource (~> 2.3.10)
  avvo_api!
  shoulda (~> 2.11.3)
  vcr (~> 1.4.0)
  webmock (~> 1.6.1)
