PATH
  remote: .
  specs:
    avvo_api (0.2.0)
      activeresource (>= 3.0.0)
      reactive_resource (~> 0.7)

GEM
  remote: http://rubygems.org/
  specs:
    activemodel (3.2.12)
      activesupport (= 3.2.12)
      builder (~> 3.0.0)
    activeresource (3.2.12)
      activemodel (= 3.2.12)
      activesupport (= 3.2.12)
    activesupport (3.2.12)
      i18n (~> 0.6)
      multi_json (~> 1.0)
    addressable (2.2.2)
    builder (3.0.4)
    crack (0.4.3)
      safe_yaml (~> 1.0.0)
    i18n (0.6.1)
    multi_json (1.6.1)
    rake (0.8.7)
    reactive_resource (0.7.1)
      activeresource (>= 3.1)
      activesupport (>= 3.1)
    safe_yaml (1.0.5)
    shoulda (2.11.3)
    webmock (1.6.2)
      addressable (>= 2.2.2)
      crack (>= 0.1.7)

PLATFORMS
  ruby

DEPENDENCIES
  avvo_api!
  rake
  shoulda (~> 2.11.3)
  webmock (~> 1.6.1)
