PATH
  remote: .
  specs:
    avvo_api (0.2.0)
      activeresource (>= 3.0.0)
      reactive_resource (~> 0.7)

GEM
  remote: http://rubygems.org/
  specs:
    activemodel (6.0.3.1)
      activesupport (= 6.0.3.1)
    activemodel-serializers-xml (1.0.2)
      activemodel (> 5.x)
      activesupport (> 5.x)
      builder (~> 3.1)
    activeresource (5.1.1)
      activemodel (>= 5.0, < 7)
      activemodel-serializers-xml (~> 1.0)
      activesupport (>= 5.0, < 7)
    activesupport (6.0.3.1)
      concurrent-ruby (~> 1.0, >= 1.0.2)
      i18n (>= 0.7, < 2)
      minitest (~> 5.1)
      tzinfo (~> 1.1)
      zeitwerk (~> 2.2, >= 2.2.2)
    addressable (2.2.2)
    builder (3.2.4)
    concurrent-ruby (1.1.6)
    crack (0.1.8)
    i18n (1.8.3)
      concurrent-ruby (~> 1.0)
    minitest (5.14.1)
    rake (0.8.7)
    reactive_resource (0.7.3)
      activeresource (>= 3.1)
      activesupport (>= 3.1)
    shoulda (2.11.3)
    thread_safe (0.3.6)
    tzinfo (1.2.7)
      thread_safe (~> 0.1)
    webmock (1.6.2)
      addressable (>= 2.2.2)
      crack (>= 0.1.7)
    zeitwerk (2.3.0)

PLATFORMS
  ruby

DEPENDENCIES
  avvo_api!
  rake
  shoulda (~> 2.11.3)
  webmock (~> 1.6.1)
