PATH
  remote: .
  specs:
    avvo_api (0.1.0)
      reactive_resource (~> 0.5.0)

GEM
  remote: http://rubygems.org/
  specs:
    activeresource (2.3.10)
      activesupport (= 2.3.10)
    activesupport (2.3.10)
    addressable (2.2.2)
    crack (0.1.8)
    rake (0.8.7)
    reactive_resource (0.5.0)
      activeresource (~> 2.3.10)
    shoulda (2.11.3)
    webmock (1.6.2)
      addressable (>= 2.2.2)
      crack (>= 0.1.7)

PLATFORMS
  ruby

DEPENDENCIES
  avvo_api!
  rake
  reactive_resource (~> 0.5.0)
  shoulda (~> 2.11.3)
  webmock (~> 1.6.1)
